PATH
  remote: .
  specs:
    rtf_parse (0.1.0)
      open4 (~> 1.3.4)

GEM
  remote: https://rubygems.org/
  specs:
    open4 (1.3.4)
    rake (10.5.0)

PLATFORMS
  ruby

DEPENDENCIES
  bundler (~> 1.9)
  open4 (~> 1.3)
  rake (~> 10.0)
  rtf_parse!
